GEM
  remote: https://rubygems.org/
  specs:
    algoliasearch (1.3.1)
      httpclient (~> 2.4)
      json (>= 1.5.1)
    faraday (0.8.9)
      multipart-post (~> 1.2.0)
    faraday_middleware (0.8.8)
      faraday (>= 0.7.4, < 0.9)
    hashie (1.2.0)
    httpclient (2.6.0.1)
    json (1.8.2)
    multi_json (1.11.0)
    multi_xml (0.5.5)
    multipart-post (1.2.0)
    ted_api (0.1)
      faraday (~> 0.8.4)
      faraday_middleware (~> 0.8.4)
      hashie (~> 1.2)
      multi_json (~> 1.3)
      multi_xml (~> 0.5.0)

PLATFORMS
  ruby

DEPENDENCIES
  algoliasearch
  json
  ted_api
